PATH
  remote: .
  specs:
    codeclimate_batch (0.5.0)
      codeclimate-test-reporter (~> 1.0.0)
      json

GEM
  remote: https://rubygems.org/
  specs:
    bump (0.5.2)
    codeclimate-test-reporter (1.0.3)
      simplecov
    diff-lcs (1.2.5)
    docile (1.1.5)
    json (2.0.2)
    rake (10.4.2)
    rspec (3.2.0)
      rspec-core (~> 3.2.0)
      rspec-expectations (~> 3.2.0)
      rspec-mocks (~> 3.2.0)
    rspec-core (3.2.3)
      rspec-support (~> 3.2.0)
    rspec-expectations (3.2.1)
      diff-lcs (>= 1.2.0, < 2.0)
      rspec-support (~> 3.2.0)
    rspec-mocks (3.2.1)
      diff-lcs (>= 1.2.0, < 2.0)
      rspec-support (~> 3.2.0)
    rspec-support (3.2.2)
    simplecov (0.12.0)
      docile (~> 1.1.0)
      json (>= 1.8, < 3)
      simplecov-html (~> 0.10.0)
    simplecov-html (0.10.0)

PLATFORMS
  ruby

DEPENDENCIES
  bump
  codeclimate_batch!
  rake
  rspec
